PATH
  remote: .
  specs:
    sig (0.0.1)
      artii (~> 2.0)
      ruby2ruby (~> 2.0)
      ruby_parser (~> 3.0)

GEM
  remote: http://rubygems.org/
  specs:
    artii (2.0.3)
    builder (3.1.4)
    coderay (1.0.8)
    cucumber (1.2.1)
      builder (>= 2.1.2)
      diff-lcs (>= 1.1.3)
      gherkin (~> 2.11.0)
      json (>= 1.4.6)
    diff-lcs (1.1.3)
    gherkin (2.11.5)
      json (>= 1.4.6)
    json (1.7.5)
    method_source (0.8.1)
    minitest (4.2.0)
    pry (0.9.10)
      coderay (~> 1.0.5)
      method_source (~> 0.8)
      slop (~> 3.3.1)
    ruby2ruby (2.0.1)
      ruby_parser (~> 3.0.0)
      sexp_processor (~> 4.0)
    ruby_parser (3.0.1)
      sexp_processor (~> 4.1)
    sexp_processor (4.1.2)
    slop (3.3.3)

PLATFORMS
  ruby

DEPENDENCIES
  cucumber (~> 1.2)
  minitest (~> 4.2)
  pry
  sig!
